GEM
  remote: https://rubygems.org/
  specs:
    childprocess (0.5.9)
      ffi (~> 1.0, >= 1.0.11)
    diff-lcs (1.2.5)
    faker (1.7.1)
      i18n (~> 0.5)
    ffi (1.9.14)
    i18n (0.7.0)
    power_assert (0.4.1)
    rspec (3.5.0)
      rspec-core (~> 3.5.0)
      rspec-expectations (~> 3.5.0)
      rspec-mocks (~> 3.5.0)
    rspec-core (3.5.4)
      rspec-support (~> 3.5.0)
    rspec-expectations (3.5.0)
      diff-lcs (>= 1.2.0, < 2.0)
      rspec-support (~> 3.5.0)
    rspec-mocks (3.5.0)
      diff-lcs (>= 1.2.0, < 2.0)
      rspec-support (~> 3.5.0)
    rspec-support (3.5.0)
    rubyzip (1.2.0)
    selenium-webdriver (3.0.5)
      childprocess (~> 0.5)
      rubyzip (~> 1.0)
      websocket (~> 1.0)
    test-unit (3.2.3)
      power_assert
    websocket (1.2.3)

PLATFORMS
  ruby

DEPENDENCIES
  bundler
  faker
  rspec
  selenium-webdriver
  test-unit

BUNDLED WITH
   1.13.7
